PATH
  remote: .
  specs:
    bundler-console (0.0.2)

GEM
  remote: https://rubygems.org/
  specs:
    ast (2.4.0)
    docile (1.3.2)
    minitest (5.14.0)
    net-ssh (6.0.2)
    parallel (1.19.1)
    parser (2.7.1.2)
      ast (~> 2.4.0)
    rainbow (3.0.0)
    rake (13.0.1)
    rexml (3.2.4)
    rubocop (0.83.0)
      parallel (~> 1.10)
      parser (>= 2.7.0.1)
      rainbow (>= 2.2.2, < 4.0)
      rexml
      ruby-progressbar (~> 1.7)
      unicode-display_width (>= 1.4.0, < 2.0)
    ruby-progressbar (1.10.1)
    simplecov (0.18.5)
      docile (~> 1.1)
      simplecov-html (~> 0.11)
    simplecov-html (0.12.1)
    tiny_struct (0.0.1)
    unicode-display_width (1.7.0)

PLATFORMS
  ruby

DEPENDENCIES
  bundler (~> 2.0)
  bundler-console!
  minitest (~> 5.11)
  net-ssh
  rake (~> 13.0)
  rubocop (~> 0.63)
  simplecov (~> 0.15)
  tiny_struct

BUNDLED WITH
   2.0.2
