PATH
  remote: .
  specs:
    bundler-console (0.0.2)

GEM
  remote: https://rubygems.org/
  specs:
    ast (2.4.0)
    docile (1.3.1)
    jaro_winkler (1.5.1)
    json (2.1.0)
    minitest (5.11.3)
    net-ssh (5.0.2)
    parallel (1.12.1)
    parser (2.5.3.0)
      ast (~> 2.4.0)
    powerpack (0.1.2)
    rainbow (3.0.0)
    rake (12.3.1)
    rubocop (0.61.1)
      jaro_winkler (~> 1.5.1)
      parallel (~> 1.10)
      parser (>= 2.5, != 2.5.1.1)
      powerpack (~> 0.1)
      rainbow (>= 2.2.2, < 4.0)
      ruby-progressbar (~> 1.7)
      unicode-display_width (~> 1.4.0)
    ruby-progressbar (1.10.0)
    simplecov (0.16.1)
      docile (~> 1.1)
      json (>= 1.8, < 3)
      simplecov-html (~> 0.10.0)
    simplecov-html (0.10.2)
    tiny_struct (0.0.1)
    unicode-display_width (1.4.0)

PLATFORMS
  ruby

DEPENDENCIES
  bundler (~> 1.16)
  bundler-console!
  minitest (~> 5.11)
  net-ssh
  rake (~> 12.3)
  rubocop (~> 0.58)
  simplecov (~> 0.15)
  tiny_struct

BUNDLED WITH
   1.16.1
